GEM
  remote: https://rubygems.org/
  specs:
    gosu (1.4.6)

PLATFORMS
  arm64-darwin-22
  ruby

DEPENDENCIES
  gosu

BUNDLED WITH
   2.5.3
